GIT
  remote: https://github.com/digibib/rdf-virtuoso.git
  revision: 161821a70ec4a17c51daf503a2b85ce0de2ee243
  specs:
    rdf-virtuoso (0.0.13)
      active_attr
      activesupport (~> 3.2.3)
      api_smith (~> 1.2.0)
      httparty (~> 0.8.2)
      rdf (~> 0.3.7)
      transaction-simple (~> 1.4.0)
      uuid (~> 2.3.5)

GEM
  remote: http://rubygems.org/
  specs:
    active_attr (0.6.0)
      activemodel (>= 3.0.2, < 4.1)
      activesupport (>= 3.0.2, < 4.1)
    activemodel (3.2.8)
      activesupport (= 3.2.8)
      builder (~> 3.0.0)
    activesupport (3.2.8)
      i18n (~> 0.6)
      multi_json (~> 1.0)
    addressable (2.3.2)
    api_smith (1.2.0)
      hashie (~> 1.0)
      httparty
      net-http-persistent
    backports (2.6.3)
    builder (3.0.0)
    coderay (1.0.7)
    daemons (1.1.8)
    em-websocket (0.3.8)
      addressable (>= 2.1.1)
      eventmachine (>= 0.12.9)
    eventmachine (0.12.10)
    hashie (1.2.0)
    httparty (0.8.3)
      multi_json (~> 1.0)
      multi_xml
    i18n (0.6.0)
    macaddr (1.6.1)
      systemu (~> 2.5.0)
    method_source (0.8)
    multi_json (1.3.6)
    multi_xml (0.5.1)
    net-http-persistent (2.7)
    pry (0.9.10)
      coderay (~> 1.0.5)
      method_source (~> 0.8)
      slop (~> 3.3.1)
    rack (1.4.1)
    rack-protection (1.2.0)
      rack
    rack-test (0.6.1)
      rack (>= 1.0)
    rdf (0.3.7)
      addressable (>= 2.2.6)
    sinatra (1.3.2)
      rack (~> 1.3, >= 1.3.6)
      rack-protection (~> 1.2)
      tilt (~> 1.3, >= 1.3.3)
    sinatra-contrib (1.3.1)
      backports (>= 2.0)
      eventmachine
      rack-protection
      rack-test
      sinatra (~> 1.3.0)
      tilt (~> 1.3)
    sinatra-websocket (0.1.2)
      em-websocket (~> 0.3.6)
      eventmachine
      thin (~> 1.3.1)
    slim (1.2.2)
      temple (~> 0.4.0)
      tilt (~> 1.3.3)
    slop (3.3.2)
    systemu (2.5.2)
    temple (0.4.0)
    thin (1.3.1)
      daemons (>= 1.0.9)
      eventmachine (>= 0.12.6)
      rack (>= 1.0.0)
    tilt (1.3.3)
    transaction-simple (1.4.0.2)
    uuid (2.3.5)
      macaddr (~> 1.0)

PLATFORMS
  ruby

DEPENDENCIES
  pry
  rdf
  rdf-virtuoso!
  sinatra
  sinatra-contrib
  sinatra-websocket
  slim
