GEM
  remote: https://rubygems.org/
  specs:
    addressable (2.3.4)
    api_smith (1.2.0)
      hashie (~> 1.0)
      httparty
      net-http-persistent
    backports (3.3.1)
    capistrano (2.15.4)
      highline
      net-scp (>= 1.0.0)
      net-sftp (>= 2.0.0)
      net-ssh (>= 2.0.14)
      net-ssh-gateway (>= 1.1.0)
    dotenv (0.7.0)
    ethon (0.5.12)
      ffi (>= 1.3.0)
      mime-types (~> 1.18)
    eventmachine (1.0.3)
    eventmachine (1.0.3-java)
    faraday (0.8.7)
      multipart-post (~> 1.1)
    faye-websocket (0.6.3)
      eventmachine (>= 0.12.0)
      websocket-driver (>= 0.2.0)
    ffi (1.9.0)
    ffi (1.9.0-java)
    foreman (0.63.0)
      dotenv (>= 0.7)
      thor (>= 0.13.6)
    foreman (0.63.0-java)
      dotenv (>= 0.7)
      thor (>= 0.13.6)
    hashie (1.2.0)
    highline (1.6.19)
    httparty (0.10.2)
      multi_json (~> 1.0)
      multi_xml (>= 0.5.2)
    mime-types (1.23)
    mini_portile (0.5.0)
    multi_json (1.7.6)
    multi_xml (0.5.4)
    multipart-post (1.2.0)
    net-http-persistent (2.8)
    net-scp (1.1.1)
      net-ssh (>= 2.6.5)
    net-sftp (2.1.2)
      net-ssh (>= 2.6.5)
    net-ssh (2.6.7)
    net-ssh-gateway (1.2.0)
      net-ssh (>= 2.6.5)
    nokogiri (1.6.0)
      mini_portile (~> 0.5.0)
    nokogiri (1.6.0-java)
      mini_portile (~> 0.5.0)
    puma (2.5.1)
      rack (>= 1.1, < 2.0)
    puma (2.5.1-java)
      rack (>= 1.1, < 2.0)
    r18n-core (1.1.5)
    rack (1.5.2)
    rack-protection (1.5.0)
      rack
    rack-test (0.6.2)
      rack (>= 1.0)
    rdf (1.0.6)
      addressable (>= 2.2)
    rdf-virtuoso (0.1.4)
      api_smith (~> 1.2.0)
      httparty (~> 0.10.2)
      rdf (~> 1.0.3)
    rvm-capistrano (1.3.1)
      capistrano (>= 2.0.0)
    sinatra (1.4.3)
      rack (~> 1.4)
      rack-protection (~> 1.4)
      tilt (~> 1.3, >= 1.3.4)
    sinatra-contrib (1.4.0)
      backports (>= 2.0)
      eventmachine
      rack-protection
      rack-test
      sinatra (~> 1.4.2)
      tilt (~> 1.3)
    sinatra-r18n (1.1.5)
      r18n-core (= 1.1.5)
      sinatra (>= 1.3)
    slim (2.0.0)
      temple (~> 0.6.5)
      tilt (~> 1.3, >= 1.3.3)
    sqlite3 (1.3.7)
    temple (0.6.5)
    thor (0.18.1)
    tilt (1.4.1)
    typhoeus (0.6.3)
      ethon (~> 0.5.11)
    websocket-driver (0.2.3)
    websocket-driver (0.2.3-java)

PLATFORMS
  java
  ruby

DEPENDENCIES
  capistrano
  eventmachine
  faraday
  faye-websocket
  foreman
  nokogiri
  puma
  rdf
  rdf-virtuoso
  rvm-capistrano
  sinatra
  sinatra-contrib
  sinatra-r18n
  slim
  sqlite3
  typhoeus
